GEM
  remote: https://rubygems.org/
  specs:
    jeweler (0.11.1)
      rubyforge
      schacon-git (>= 1.1.1)
    json_pure (1.8.3)
    power_assert (0.2.7)
    rubyforge (2.0.4)
      json_pure (>= 1.1.7)
    schacon-git (1.2.2)
    test-unit (3.0.9)
      power_assert

PLATFORMS
  ruby

DEPENDENCIES
  jeweler (~> 0)
  test-unit (~> 3.0.0, >= 3.0.0)
